GEM
  remote: https://rubygems.org/
  specs:
    dotenv (2.7.1)

PLATFORMS
  ruby

DEPENDENCIES
  dotenv

RUBY VERSION
   ruby 2.6.0p0

BUNDLED WITH
   1.17.2
